GIT
  remote: https://github.com/RailsEventStore/rails_event_store
  revision: f2cd3b1beb049aaa1d56a090d4883707e293379f
  branch: fill_ids
  specs:
    ruby_event_store (0.27.1)
      concurrent-ruby (~> 1.0)

PATH
  remote: .
  specs:
    dres_client (0.1.0)
      ruby_event_store (~> 0.27, < 0.28)

GEM
  remote: https://rubygems.org/
  specs:
    addressable (2.5.2)
      public_suffix (>= 2.0.2, < 4.0)
    concurrent-ruby (1.0.5)
    crack (0.4.3)
      safe_yaml (~> 1.0.0)
    diff-lcs (1.3)
    hashdiff (0.3.7)
    public_suffix (3.0.2)
    rake (10.5.0)
    rspec (3.7.0)
      rspec-core (~> 3.7.0)
      rspec-expectations (~> 3.7.0)
      rspec-mocks (~> 3.7.0)
    rspec-core (3.7.1)
      rspec-support (~> 3.7.0)
    rspec-expectations (3.7.0)
      diff-lcs (>= 1.2.0, < 2.0)
      rspec-support (~> 3.7.0)
    rspec-mocks (3.7.0)
      diff-lcs (>= 1.2.0, < 2.0)
      rspec-support (~> 3.7.0)
    rspec-support (3.7.1)
    safe_yaml (1.0.4)
    webmock (3.3.0)
      addressable (>= 2.3.6)
      crack (>= 0.3.2)
      hashdiff

PLATFORMS
  ruby

DEPENDENCIES
  bundler (~> 1.16)
  dres_client!
  rake (~> 10.0)
  rspec (~> 3.0)
  ruby_event_store!
  webmock (~> 3.3.0)

BUNDLED WITH
   1.16.1
